{
  "AcquisitionMatrixPE": 104,
  "AcquisitionNumber": 1,
  "AcquisitionTime": "18:52:30.107500",
  "BandwidthPerPixelPhaseEncode": 17.17,
  "BaseResolution": 104,
  "BodyPartExamined": "BRAIN",
  "CoilCombinationMethod": "Sum of Squares",
  "ConsistencyInfo": "N4_VE11C_LATEST_20160120",
  "ConversionSoftware": "dcm2niix",
  "ConversionSoftwareVersion": "v1.0.20220505",
  "DerivedVendorReportedEchoSpacing": 0.000560011,
  "DeviceSerialNumber": "167006",
  "DwellTime": 2.1e-06,
  "EchoTime": 0.037,
  "EchoTime1": 0.037,
  "EchoTime2": 0.001,
  "EchoTrainLength": 104,
  "EffectiveEchoSpacing": 0.000560011,
  "FlipAngle": 52,
  "HeudiconvVersion": "0.5.3.post811+g6206e14",
  "ImageComments": "Single-band reference",
  "ImageOrientationPatientDICOM": [
    0.995041,
    0.0921747,
    0.0373797,
    -0.0718492,
    0.925962,
    -0.370719
  ],
  "ImageOrientationText": "Tra>Cor(-21.5)>Sag(3.9)",
  "ImageType": [
    "ORIGINAL",
    "PRIMARY",
    "P",
    "ND",
    "MOSAIC",
    "PHASE"
  ],
  "ImagingFrequency": 123.259,
  "InPlanePhaseEncodingDirectionDICOM": "COL",
  "InstitutionAddress": "Chemin Queen-Mary 4565,Montreal,District,CA,H3W 1W5",
  "InstitutionName": "IUGM",
  "InstitutionalDepartmentName": "Department",
  "MRAcquisitionType": "2D",
  "MagneticFieldStrength": 3,
  "Manufacturer": "Siemens",
  "ManufacturersModelName": "Prisma_fit",
  "MatrixCoilMode": "SENSE",
  "Modality": "MR",
  "PartialFourier": 1,
  "PatientPosition": "HFS",
  "PercentPhaseFOV": 100,
  "PercentSampling": 100,
  "PhaseEncodingDirection": "j",
  "PhaseEncodingSteps": 104,
  "PhaseResolution": 1,
  "PixelBandwidth": 2290,
  "ProcedureStepDescription": "games^mario3",
  "ProtocolName": "func_task-mario3_run-02",
  "PulseSequenceDetails": "%CustomerSeq%\\cmrr_mbep2d_bold",
  "ReceiveCoilActiveElements": "HC1-7;NC1,2",
  "ReceiveCoilName": "HeadNeck_64",
  "ReconMatrixPE": 104,
  "RepetitionTime": 1.49,
  "SAR": 0.0735859,
  "ScanOptions": "FS",
  "ScanningSequence": "EP",
  "SequenceName": "epfid2d1_104",
  "SequenceVariant": "SK\\SS",
  "SeriesDescription": "func_task-mario3_run-02_SBRef",
  "SeriesNumber": 12,
  "ShimSetting": [
    636,
    -7192,
    -8813,
    654,
    108,
    -9,
    -21,
    3
  ],
  "SliceThickness": 2,
  "SliceTiming": [
    0,
    0.0975,
    0.1975,
    0.295,
    0.3925,
    0.49,
    0.5875,
    0.6875,
    0.785,
    0.8825,
    0.98,
    1.0775,
    1.175,
    1.275,
    1.3725,
    1.47,
    1.5675,
    1.665,
    1.765,
    1.8625,
    1.96,
    2.0575,
    2.155,
    2.255,
    2.3525,
    2.45,
    2.5475,
    2.645,
    2.745,
    2.8425,
    2.94,
    3.0375,
    3.135,
    3.235,
    3.3325,
    3.43,
    3.5275,
    3.625,
    3.725,
    3.8225,
    3.92,
    4.0175,
    4.115,
    4.215,
    4.3125,
    4.41,
    4.5075,
    4.605,
    4.705,
    4.8025,
    4.9,
    4.9975,
    5.095,
    5.195,
    5.2925,
    5.39,
    5.4875,
    5.585,
    5.685,
    5.7825
  ],
  "SoftwareVersions": "syngo MR E11",
  "SpacingBetweenSlices": 2,
  "StationName": "MRC35049",
  "TaskName": "mario3",
  "TotalReadoutTime": 0.0576811,
  "TxRefAmp": 288.112,
  "WipMemBlock": "1ece6c53-dfd9-4627-a5c3-ba4ef914ed3d||Sequence: R017 ve11c/master r/75a17815+; Jun 28 2022 16:32:11 by eja"
}