{
  "AcquisitionMatrixPE": 233,
  "AcquisitionNumber": 1,
  "AcquisitionTime": "16:28:0.065000",
  "BaseResolution": 256,
  "BodyPartExamined": "BRAIN",
  "CoilCombinationMethod": "Adaptive Combine",
  "ConsistencyInfo": "N4_VE11C_LATEST_20160120",
  "ConversionSoftware": "dcm2niix",
  "ConversionSoftwareVersion": "v1.0.20220505",
  "DeviceSerialNumber": "167006",
  "DwellTime": 6.1e-06,
  "EchoTime": 0.00369,
  "FlipAngle": 20,
  "HeudiconvVersion": "0.5.3.post811+g6206e14",
  "ImageOrientationPatientDICOM": [
    1,
    0,
    0,
    0,
    1,
    0
  ],
  "ImageOrientationText": "Tra",
  "ImageType": [
    "ORIGINAL",
    "PRIMARY",
    "M",
    "NORM",
    "DIS2D"
  ],
  "ImagingFrequency": 123.259,
  "InPlanePhaseEncodingDirectionDICOM": "COL",
  "InstitutionAddress": "Chemin Queen-Mary 4565,Montreal,District,CA,H3W 1W5",
  "InstitutionName": "IUGM",
  "InstitutionalDepartmentName": "Department",
  "Interpolation2D": 1,
  "MRAcquisitionType": "2D",
  "MagneticFieldStrength": 3,
  "Manufacturer": "Siemens",
  "ManufacturersModelName": "Prisma_fit",
  "MatrixCoilMode": "SENSE",
  "Modality": "MR",
  "NumberOfAverages": 2,
  "PartialFourier": 1,
  "PatientPosition": "HFS",
  "PercentPhaseFOV": 100,
  "PercentSampling": 91,
  "PhaseEncodingDirection": "j-",
  "PhaseEncodingSteps": 233,
  "PhaseResolution": 0.91,
  "PixelBandwidth": 320,
  "ProcedureStepDescription": "games^mario3",
  "ProtocolName": "localizer",
  "PulseSequenceDetails": "%SiemensSeq%\\gre",
  "ReceiveCoilActiveElements": "HC1-7;NC1,2",
  "ReceiveCoilName": "HeadNeck_64",
  "ReconMatrixPE": 512,
  "RepetitionTime": 0.0075,
  "SAR": 0.0545669,
  "ScanningSequence": "GR",
  "SequenceName": "*fl2d1",
  "SequenceVariant": "SP\\OSP",
  "SeriesDescription": "localizer",
  "SeriesNumber": 5,
  "ShimSetting": [
    621,
    -7191,
    -9126,
    52,
    33,
    -14,
    -34,
    -17
  ],
  "SliceThickness": 7,
  "SoftwareVersions": "syngo MR E11",
  "SpacingBetweenSlices": 8.4,
  "StationName": "MRC35049",
  "TxRefAmp": 288.737
}