{
  "AcquisitionMatrixPE": 104,
  "AcquisitionNumber": 1,
  "AcquisitionTime": "13:52:15.035000",
  "BandwidthPerPixelPhaseEncode": 17.17,
  "BaseResolution": 104,
  "BodyPartExamined": "BRAIN",
  "CoilCombinationMethod": "Sum of Squares",
  "ConsistencyInfo": "N4_VE11C_LATEST_20160120",
  "ConversionSoftware": "dcm2niix",
  "ConversionSoftwareVersion": "v1.0.20220505",
  "DerivedVendorReportedEchoSpacing": 0.000560011,
  "DeviceSerialNumber": "167006",
  "DwellTime": 2.1e-06,
  "EchoTime": 0.037,
  "EchoTrainLength": 104,
  "EffectiveEchoSpacing": 0.000560011,
  "FlipAngle": 52,
  "HeudiconvVersion": "0.5.3.post811+g6206e14",
  "ImageComments": "Unaliased MB4/PE3/LB",
  "ImageOrientationPatientDICOM": [0.99992, 0.0059029, 0.0111662, -0.00296681, 0.969104, -0.246634],
  "ImageOrientationText": "Tra>Cor(-14.3)>Sag(0.7)",
  "ImageType": [
    "ORIGINAL",
    "PRIMARY",
    "M",
    "MB",
    "ND",
    "MOSAIC"
],
  "ImagingFrequency": 123.26,
  "InPlanePhaseEncodingDirectionDICOM": "COL",
  "InstitutionAddress": "Chemin Queen-Mary 4565,Montreal,District,CA,H3W 1W5",
  "InstitutionName": "IUGM",
  "InstitutionalDepartmentName": "Department",
  "MRAcquisitionType": "2D",
  "MagneticFieldStrength": 3,
  "Manufacturer": "Siemens",
  "ManufacturersModelName": "Prisma_fit",
  "MatrixCoilMode": "SENSE",
  "Modality": "MR",
  "MultibandAccelerationFactor": 4,
  "PartialFourier": 1,
  "PatientPosition": "HFS",
  "PercentPhaseFOV": 100,
  "PercentSampling": 100,
  "PhaseEncodingDirection": "j-",
  "PhaseEncodingSteps": 104,
  "PhaseResolution": 1,
  "PixelBandwidth": 2290,
  "ProcedureStepDescription": "games^mario3",
  "ProtocolName": "func_AP_run-1",
  "PulseSequenceDetails": "%CustomerSeq%\\cmrr_mbep2d_bold",
  "ReceiveCoilActiveElements": "HC1-7;NC1,2",
  "ReceiveCoilName": "HeadNeck_64",
  "ReconMatrixPE": 104,
  "RepetitionTime": 1.49,
  "SAR": 0.056737,
  "ScanOptions": "FS",
  "ScanningSequence": "EP",
  "SequenceName": "epfid2d1_104",
  "SequenceVariant": "SK\\SS",
  "SeriesDescription": "func_AP_run-1",
  "SeriesNumber": 7,
  "ShimSetting": [616, -7224, -8757, 695, 52, -3, 29, -25],
  "SliceThickness": 2,
  "SliceTiming": [0, 0.7825, 0.0975, 0.88, 0.195, 0.98, 0.2925, 1.0775, 0.39, 1.175, 0.49, 1.2725, 0.5875, 1.37, 0.685, 0, 0.7825, 0.0975, 0.88, 0.195, 0.98, 0.2925, 1.0775, 0.39, 1.175, 0.49, 1.2725, 0.5875, 1.37, 0.685, 0, 0.7825, 0.0975, 0.88, 0.195, 0.98, 0.2925, 1.0775, 0.39, 1.175, 0.49, 1.2725, 0.5875, 1.37, 0.685, 0, 0.7825, 0.0975, 0.88, 0.195, 0.98, 0.2925, 1.0775, 0.39, 1.175, 0.49, 1.2725, 0.5875, 1.37, 0.685],
  "SoftwareVersions": "syngo MR E11",
  "SpacingBetweenSlices": 2,
  "StationName": "MRC35049",
  "TotalReadoutTime": 0.0576811,
  "TxRefAmp": 262.346,
  "WipMemBlock": "7141c2bd-6df1-4655-9a9c-a7e93bcf7479||Sequence: R017 ve11c/master r/75a17815+; Jun 28 2022 16:32:11 by eja",
  "dcmmeta_affine": [
    [-1.999840497970581, -0.005933612119406462, 0.024554096162319183, 108.77191925048828],
    [-0.011805800721049309, 1.9382084608078003, -0.493161678314209, -74.79946899414062],
    [0.022332364693284035, 0.4932672679424286, 1.9380888938903809, -53.7884521484375],
    [0.0, 0.0, 0.0, 1.0]
],
  "dcmmeta_reorient_transform": [
    [0.0, -1.0, 0.0, 103.0],
    [1.0, 0.0, 0.0, 0.0],
    [0.0, 0.0, 1.0, 0.0],
    [0.0, 0.0, 0.0, 1.0]
],
  "dcmmeta_shape": [104, 104, 60, 3],
  "dcmmeta_slice_dim": 2,
  "dcmmeta_version": 0.6,
  "global": {
    "const": {
      "AcquisitionMatrix": [104, 0, 0, 104],
      "AngioFlag": "N",
      "BitsAllocated": 16,
      "BitsStored": 16,
      "BodyPartExamined": "BRAIN",
      "Columns": 832,
      "EchoNumbers": 1,
      "EchoTime": 37.0,
      "EchoTrainLength": 104,
      "FlipAngle": 52.0,
      "HighBit": 15,
      "ImageOrientationPatient": [0.99992023289195, 0.00590290013589, 0.01116618212697, -0.0029668060989, 0.96910424881603, -0.2466336412339],
      "ImagePositionPatient": [-833.9428516663, -834.6412087007, 168.43838688395],
      "ImageType": [
        "ORIGINAL",
        "PRIMARY",
        "M",
        "MB",
        "ND",
        "MOSAIC"
],
      "ImagedNucleus": "1H",
      "ImagingFrequency": 123.260257,
      "InPlanePhaseEncodingDirection": "COL",
      "MRAcquisitionType": "2D",
      "MagneticFieldStrength": 3.0,
      "Manufacturer": "SIEMENS",
      "ManufacturerModelName": "Prisma_fit",
      "Modality": "MR",
      "NumberOfAverages": 1.0,
      "NumberOfPhaseEncodingSteps": 104,
      "PercentPhaseFieldOfView": 100.0,
      "PercentSampling": 100.0,
      "PerformedProcedureStepStartTime": "135021.407000",
      "PhotometricInterpretation": "MONOCHROME2",
      "PixelBandwidth": 2290.0,
      "PixelRepresentation": 0,
      "PixelSpacing": [2.0, 2.0],
      "ProtocolName": "func_AP_run-1",
      "RepetitionTime": 1490.0,
      "Rows": 832,
      "SAR": 0.05673701837167,
      "SamplesPerPixel": 1,
      "ScanOptions": "FS",
      "ScanningSequence": "EP",
      "SequenceName": "epfid2d1_104",
      "SequenceVariant": [
        "SK",
        "SS"
],
      "SeriesDescription": "func_AP_run-1",
      "SeriesNumber": 7,
      "SeriesTime": "135300.851000",
      "SliceLocation": -32.34388826241,
      "SliceThickness": 2.0,
      "SmallestImagePixelValue": 0,
      "SoftwareVersions": "syngo MR E11",
      "SpacingBetweenSlices": 2.0000000351483,
      "SpecificCharacterSet": "ISO_IR 100",
      "StudyID": "1",
      "StudyTime": "135021.338000",
      "TransmitCoilName": "Body",
      "VariableFlipAngleFlag": "N",
      "WindowCenterWidthExplanation": "Algo1",
      "dBdt": 0.0},
    "slices": {}
  },
  "time": {
    "samples": {
      "AcquisitionNumber": [1, 2, 3],
      "AcquisitionTime": ["135215.035000", "135216.525000", "135218.015000"],
      "ContentTime": ["135300.854000", "135300.870000", "135300.874000"],
      "InstanceCreationTime": ["135300.854000", "135300.870000", "135300.874000"],
      "InstanceNumber": [1, 2, 3],
      "LargestImagePixelValue": [40088, 39465, 39452],
      "WindowCenter": [10292.0, 10267.0, 10258.0],
      "WindowWidth": [21966.0, 21884.0, 21855.0]
    },
    "slices": {}
  }
}