{
  "AcquisitionMatrixPE": 104,
  "AcquisitionNumber": 1,
  "AcquisitionTime": "15:38:45.570000",
  "BandwidthPerPixelPhaseEncode": 17.17,
  "BaseResolution": 104,
  "BodyPartExamined": "BRAIN",
  "CoilCombinationMethod": "Sum of Squares",
  "ConsistencyInfo": "N4_VE11C_LATEST_20160120",
  "ConversionSoftware": "dcm2niix",
  "ConversionSoftwareVersion": "v1.0.20220505",
  "DerivedVendorReportedEchoSpacing": 0.000560011,
  "DeviceSerialNumber": "167006",
  "DwellTime": 2.1e-06,
  "EchoTime": 0.037,
  "EchoTime1": 0.037,
  "EchoTime2": 0.001,
  "EchoTrainLength": 104,
  "EffectiveEchoSpacing": 0.000560011,
  "FlipAngle": 52,
  "HeudiconvVersion": "0.5.3.post811+g6206e14",
  "ImageComments": "Unaliased MB4/PE3/LB",
  "ImageOrientationPatientDICOM": [0.998976, 0.00436785, 0.0450351, 0.018658, 0.866997, -0.497963],
  "ImageOrientationText": "Tra>Cor(-29.9)>Sag(2.4)",
  "ImageType": [
    "ORIGINAL",
    "PRIMARY",
    "P",
    "MB",
    "ND",
    "MOSAIC",
    "PHASE"
],
  "ImagingFrequency": 123.26,
  "InPlanePhaseEncodingDirectionDICOM": "COL",
  "InstitutionAddress": "Chemin Queen-Mary 4565,Montreal,District,CA,H3W 1W5",
  "InstitutionName": "IUGM",
  "InstitutionalDepartmentName": "Department",
  "MRAcquisitionType": "2D",
  "MagneticFieldStrength": 3,
  "Manufacturer": "Siemens",
  "ManufacturersModelName": "Prisma_fit",
  "MatrixCoilMode": "SENSE",
  "Modality": "MR",
  "MultibandAccelerationFactor": 4,
  "PartialFourier": 1,
  "PatientPosition": "HFS",
  "PercentPhaseFOV": 100,
  "PercentSampling": 100,
  "PhaseEncodingDirection": "j-",
  "PhaseEncodingSteps": 104,
  "PhaseResolution": 1,
  "PixelBandwidth": 2290,
  "ProcedureStepDescription": "games^mario3",
  "ProtocolName": "func_AP_run-1",
  "PulseSequenceDetails": "%CustomerSeq%\\cmrr_mbep2d_bold",
  "ReceiveCoilActiveElements": "HC1-7;NC1,2",
  "ReceiveCoilName": "HeadNeck_64",
  "ReconMatrixPE": 104,
  "RepetitionTime": 1.49,
  "SAR": 0.037969,
  "ScanOptions": "FS",
  "ScanningSequence": "EP",
  "SequenceName": "epfid2d1_104",
  "SequenceVariant": "SK\\SS",
  "SeriesDescription": "func_AP_run-1",
  "SeriesNumber": 8,
  "ShimSetting": [609, -7197, -8842, 267, 17, -136, -37, 47],
  "SliceThickness": 2,
  "SliceTiming": [0, 0.785, 0.0975, 0.8825, 0.1975, 0.98, 0.295, 1.0775, 0.3925, 1.1775, 0.49, 1.275, 0.5875, 1.3725, 0.6875, 0, 0.785, 0.0975, 0.8825, 0.1975, 0.98, 0.295, 1.0775, 0.3925, 1.1775, 0.49, 1.275, 0.5875, 1.3725, 0.6875, 0, 0.785, 0.0975, 0.8825, 0.1975, 0.98, 0.295, 1.0775, 0.3925, 1.1775, 0.49, 1.275, 0.5875, 1.3725, 0.6875, 0, 0.785, 0.0975, 0.8825, 0.1975, 0.98, 0.295, 1.0775, 0.3925, 1.1775, 0.49, 1.275, 0.5875, 1.3725, 0.6875],
  "SoftwareVersions": "syngo MR E11",
  "SpacingBetweenSlices": 2,
  "StationName": "MRC35049",
  "TotalReadoutTime": 0.0576811,
  "TxRefAmp": 255.929,
  "WipMemBlock": "2998ac39-c9a0-444f-85a1-4b716b5b719e||Sequence: R017 ve11c/master r/75a17815+; Jun 28 2022 16:32:11 by eja",
  "dcmmeta_affine": [
    [-1.9979517459869385, 0.03731606900691986, 0.08244072645902634, 103.4779052734375],
    [-0.008735701441764832, 1.7339946031570435, -0.9965872764587402, -51.00688171386719],
    [0.09007024765014648, 0.9959267377853394, 1.7320557832717896, -81.2717514038086],
    [0.0, 0.0, 0.0, 1.0]
],
  "dcmmeta_reorient_transform": [
    [0.0, -1.0, 0.0, 103.0],
    [1.0, 0.0, 0.0, 0.0],
    [0.0, 0.0, 1.0, 0.0],
    [0.0, 0.0, 0.0, 1.0]
],
  "dcmmeta_shape": [104, 104, 60, 3],
  "dcmmeta_slice_dim": 2,
  "dcmmeta_version": 0.6,
  "global": {
    "const": {
      "AcquisitionMatrix": [104, 0, 0, 104],
      "AngioFlag": "N",
      "BitsAllocated": 16,
      "BitsStored": 16,
      "BodyPartExamined": "BRAIN",
      "Columns": 832,
      "EchoNumbers": 1,
      "EchoTime": 37.0,
      "EchoTrainLength": 104,
      "FlipAngle": 52.0,
      "HighBit": 15,
      "ImageOrientationPatient": [0.99897585531251, 0.00436785049315, 0.04503512390017, 0.01865803532478, 0.86699733101836, -0.4979633578135],
      "ImagePositionPatient": [-848.15893522872, -761.94842241773, 351.04045321352],
      "ImageType": [
        "ORIGINAL",
        "PRIMARY",
        "P",
        "MB",
        "ND",
        "MOSAIC"
],
      "ImagedNucleus": "1H",
      "ImagingFrequency": 123.260183,
      "InPlanePhaseEncodingDirection": "COL",
      "LargestImagePixelValue": 4095,
      "MRAcquisitionType": "2D",
      "MagneticFieldStrength": 3.0,
      "Manufacturer": "SIEMENS",
      "ManufacturerModelName": "Prisma_fit",
      "Modality": "MR",
      "NumberOfAverages": 1.0,
      "NumberOfPhaseEncodingSteps": 104,
      "PercentPhaseFieldOfView": 100.0,
      "PercentSampling": 100.0,
      "PerformedProcedureStepStartTime": "151911.717000",
      "PhotometricInterpretation": "MONOCHROME2",
      "PixelBandwidth": 2290.0,
      "PixelRepresentation": 0,
      "PixelSpacing": [2.0, 2.0],
      "ProtocolName": "func_AP_run-1",
      "RepetitionTime": 1490.0,
      "RescaleIntercept": -4096.0,
      "RescaleSlope": 2.0,
      "RescaleType": "US",
      "Rows": 832,
      "SAR": 0.03796902922793,
      "SamplesPerPixel": 1,
      "ScanOptions": "FS",
      "ScanningSequence": "EP",
      "SequenceName": "epfid2d1_104",
      "SequenceVariant": [
        "SK",
        "SS"
],
      "SeriesDescription": "func_AP_run-1",
      "SeriesNumber": 8,
      "SeriesTime": "153931.126000",
      "SliceLocation": -40.701805237793,
      "SliceThickness": 2.0,
      "SmallestImagePixelValue": 0,
      "SoftwareVersions": "syngo MR E11",
      "SpacingBetweenSlices": 1.9999999971411,
      "SpecificCharacterSet": "ISO_IR 100",
      "StudyID": "1",
      "StudyTime": "151911.639000",
      "TransmitCoilName": "Body",
      "VariableFlipAngleFlag": "N",
      "WindowCenterWidthExplanation": "Algo1",
      "dBdt": 0.0},
    "slices": {}
  },
  "time": {
    "samples": {
      "AcquisitionNumber": [1, 2, 3],
      "AcquisitionTime": ["153845.570000", "153847.060000", "153848.550000"],
      "ContentTime": ["153931.128000", "153931.131000", "153931.134000"],
      "InstanceCreationTime": ["153931.128000", "153931.131000", "153931.134000"],
      "InstanceNumber": [1, 2, 3],
      "WindowCenter": [4928.0, 4924.0, 4946.0],
      "WindowWidth": [18674.0, 18658.0, 18724.0]
    },
    "slices": {}
  }
}